GEM
  remote: https://rubygems.org/
  specs:
    builder (3.2.3)
    coffee-script (2.4.1)
      coffee-script-source
      execjs
    coffee-script-source (1.12.2)
    execjs (2.7.0)
    ffi (1.11.1)
    ffi (1.11.1-x64-mingw32)
    ffi (1.11.1-x86-mingw32)
    filewatcher (0.5.4)
      trollop (~> 2.0)
    graph (2.9.0)
    haml (4.0.7)
      tilt
    libv8 (3.16.14.19)
    mini_portile2 (2.4.0)
    minitest (5.12.2)
    nokogiri (1.10.8)
      mini_portile2 (~> 2.4.0)
    nokogiri (1.10.8-x64-mingw32)
      mini_portile2 (~> 2.4.0)
    nokogiri (1.10.8-x86-mingw32)
      mini_portile2 (~> 2.4.0)
    rake (13.0.0)
    rb-fsevent (0.10.3)
    rb-inotify (0.10.0)
      ffi (~> 1.0)
    ref (2.0.0)
    sass (3.7.4)
      sass-listen (~> 4.0.0)
    sass-listen (4.0.0)
      rb-fsevent (~> 0.9, >= 0.9.4)
      rb-inotify (~> 0.9, >= 0.9.7)
    therubyracer (0.12.3)
      libv8 (~> 3.16.14.15)
      ref
    thor (0.20.3)
    tilt (2.0.10)
    trollop (2.9.9)
    twee2 (0.5.0)
      builder (~> 3.2, >= 3.2.2)
      bundler (~> 1.6)
      coffee-script (~> 2.4, >= 2.4.1)
      coffee-script-source (~> 1.9, >= 1.9.1.1)
      execjs (~> 2.6, >= 2.6.0)
      filewatcher (~> 0.5, >= 0.5.2)
      haml (~> 4.0, >= 4.0.7)
      nokogiri (~> 1.6, >= 1.6.6.2)
      sass (~> 3.2, >= 3.2.19)
      thor (~> 0.19, >= 0.19.1)
      tilt (~> 2.0, >= 2.0.1)
      trollop (~> 2.1, >= 2.1.2)

PLATFORMS
  ruby
  x64-mingw32
  x86-mingw32

DEPENDENCIES
  graph
  minitest
  rake
  therubyracer
  twee2

BUNDLED WITH
   1.17.2
